GEM
  remote: https://rubygems.org/
  specs:
    RubyInline (3.12.4)
      ZenTest (~> 4.3)
    TacTalk (0.1.1)
      fuzzy_tools
      pragmatic_segmenter
      ruby-stemmer
      ruby-tf-idf
      sanitize
      tokenizer
      words_counted
    ZenTest (4.11.0)
    axiom-types (0.1.1)
      descendants_tracker (~> 0.0.4)
      ice_nine (~> 0.11.0)
      thread_safe (~> 0.3, >= 0.3.1)
    coercible (1.0.0)
      descendants_tracker (~> 0.0.1)
    crass (1.0.2)
    cuba (3.4.0)
      rack
    descendants_tracker (0.0.4)
      thread_safe (~> 0.3, >= 0.3.1)
    equalizer (0.0.11)
    fuzzy_tools (1.0.0)
      RubyInline
    httpclient (2.6.0.1)
    ice_nine (0.11.1)
    mini_portile (0.6.2)
    multi_json (1.11.2)
    nokogiri (1.6.6.2)
      mini_portile (~> 0.6.0)
    nokogumbo (1.4.1)
      nokogiri
    pragmatic_segmenter (0.3.3)
    puma (2.14.0)
    rack (1.6.4)
    ruby-stemmer (0.9.6)
    ruby-tf-idf (0.0.3)
    sanitize (4.0.0)
      crass (~> 1.0.2)
      nokogiri (>= 1.4.4)
      nokogumbo (= 1.4.1)
    telegrammer (0.6.0)
      httpclient (~> 2.6)
      multi_json (~> 1.11)
      virtus (~> 1.0)
    thread_safe (0.3.5)
    tokenizer (0.1.2)
    virtus (1.0.5)
      axiom-types (~> 0.1)
      coercible (~> 1.0)
      descendants_tracker (~> 0.0, >= 0.0.3)
      equalizer (~> 0.0, >= 0.0.9)
    words_counted (1.0.2)

PLATFORMS
  ruby

DEPENDENCIES
  TacTalk
  cuba
  puma
  telegrammer

BUNDLED WITH
   1.10.6
